{
    "Modality": "MR",
    "MagneticFieldStrength": 3,
    "ImagingFrequency": 123.250017,
    "Manufacturer": "Siemens",
    "ManufacturersModelName": "MAGNETOM Vida",
    "InstitutionName": "anonymized",
    "DeviceSerialNumber": "anonymized",
    "StationName": "anonymized",
    "BodyPartExamined": "HEAD",
    "PatientPosition": "HFS",
    "SoftwareVersions": "syngo MR XA20",
    "MRAcquisitionType": "3D",
    "SeriesDescription": "t2_space_flair_fs",
    "ProtocolName": "t2_space_flair_fs",
    "ScanningSequence": "SE",
    "SequenceVariant": "SP\\SK",
    "ScanOptions": "PFP\\PFF\\CG\\RG\\FS\\PER",
    "SequenceName": "*spcir_220ns",
    "ImageType": [
        "ORIGINAL",
        "PRIMARY",
        "M",
        "NORM",
        "DIS2D",
        "MFSPLIT"
    ],
    "ImageTypeText": [
        "ORIGINAL",
        "PRIMARY",
        "M",
        "NONE"
    ],
    "NonlinearGradientCorrection": true,
    "SeriesNumber": 17001,
    "AcquisitionTime": "12:41:46.207500",
    "AcquisitionNumber": 1,
    "SliceThickness": 1,
    "SAR": 0.181929,
    "EchoTime": 0.384,
    "RepetitionTime": 7,
    "InversionTime": 2.05,
    "FlipAngle": 120,
    "PartialFourier": 1,
    "Interpolation2D": 1,
    "BaseResolution": 256,
    "ShimSetting": [
        -3909,
        -5636,
        -9160,
        -72,
        -204,
        -823,
        74,
        -34
    ],
    "TxRefAmp": 398.953,
    "PhaseResolution": 1,
    "ReceiveCoilName": "Spine_24_RS",
    "ReceiveCoilActiveElements": "HE1-4;NE1,2;SP1",
    "CoilString": "Spine_24_RS",
    "PulseSequenceDetails": "%SiemensSeq%\\space",
    "RefLinesPE": 16,
    "CoilCombinationMethod": "Adaptive Combine",
    "MatrixCoilMode": "GRAPPA",
    "PercentPhaseFOV": 100,
    "PercentSampling": 100,
    "EchoTrainLength": 220,
    "PhaseEncodingSteps": 256,
    "AcquisitionMatrixPE": 256,
    "ReconMatrixPE": 512,
    "ParallelReductionFactorInPlane": 2,
    "PixelBandwidth": 751,
    "DwellTime": 2.6e-06,
    "PhaseEncodingDirection": "i",
    "ImageOrientationPatientDICOM": [
        0.0439846,
        0.947006,
        0.318192,
        0.0794715,
        0.314174,
        -0.946033
    ],
    "InPlanePhaseEncodingDirectionDICOM": "ROW",
    "ConversionSoftware": "dcm2niix",
    "ConversionSoftwareVersion": "v1.0.20230411",
    "Dcm2bidsVersion": "3.0.1"
}