{
    "Modality": "MR",
    "MagneticFieldStrength": 3,
    "ImagingFrequency": 123.250013,
    "Manufacturer": "Siemens",
    "ManufacturersModelName": "MAGNETOM Vida",
    "InstitutionName": "anonymized",
    "DeviceSerialNumber": "anonymized",
    "StationName": "anonymized",
    "BodyPartExamined": "HEAD",
    "PatientPosition": "HFS",
    "SoftwareVersions": "syngo MR XA20",
    "MRAcquisitionType": "3D",
    "SeriesDescription": "t1_mprage_fs_sag_1mm_iso",
    "ProtocolName": "t1_mprage_fs_sag_1mm_iso",
    "ScanningSequence": "GR",
    "SequenceVariant": "SK",
    "ScanOptions": "CG\\RG\\PER",
    "SequenceName": "*tfl3d1_16ns",
    "ImageType": [
        "ORIGINAL",
        "PRIMARY",
        "M",
        "NORM",
        "DIS2D",
        "MFSPLIT"
    ],
    "ImageTypeText": [
        "ORIGINAL",
        "PRIMARY",
        "M",
        "NONE"
    ],
    "NonlinearGradientCorrection": true,
    "SeriesNumber": 14001,
    "AcquisitionTime": "12:37:1.902500",
    "AcquisitionNumber": 1,
    "SliceThickness": 1,
    "SAR": 0.0671587,
    "EchoTime": 0.00221,
    "RepetitionTime": 2.3,
    "InversionTime": 0.9,
    "FlipAngle": 8,
    "PartialFourier": 1,
    "BaseResolution": 256,
    "ShimSetting": [
        -3912,
        -5642,
        -9157,
        -67,
        -209,
        -838,
        126,
        -15
    ],
    "TxRefAmp": 398.953,
    "PhaseResolution": 0.9,
    "ReceiveCoilName": "HeadNeck_20_TCS",
    "ReceiveCoilActiveElements": "HE1-4",
    "CoilString": "HeadNeck_20_TCS",
    "PulseSequenceDetails": "%SiemensSeq%\\tfl",
    "RefLinesPE": 24,
    "CoilCombinationMethod": "Adaptive Combine",
    "MatrixCoilMode": "GRAPPA",
    "PercentPhaseFOV": 100,
    "PercentSampling": 90,
    "PhaseEncodingSteps": 230,
    "AcquisitionMatrixPE": 230,
    "ReconMatrixPE": 256,
    "ParallelReductionFactorInPlane": 2,
    "PixelBandwidth": 199,
    "DwellTime": 9.8e-06,
    "ImageOrientationPatientDICOM": [
        0.0439846,
        0.947006,
        0.318192,
        0.0794715,
        0.314174,
        -0.946033
    ],
    "InPlanePhaseEncodingDirectionDICOM": "ROW",
    "ConversionSoftware": "dcm2niix",
    "ConversionSoftwareVersion": "v1.0.20230411",
    "Dcm2bidsVersion": "3.0.1"
}