{
    "Modality": "MR",
    "MagneticFieldStrength": 3,
    "ImagingFrequency": 123.250017,
    "Manufacturer": "Siemens",
    "ManufacturersModelName": "MAGNETOM Vida",
    "InstitutionName": "anonymized",
    "DeviceSerialNumber": "anonymized",
    "StationName": "anonymized",
    "BodyPartExamined": "HEAD",
    "PatientPosition": "HFS",
    "SoftwareVersions": "syngo MR XA20",
    "MRAcquisitionType": "3D",
    "SeriesDescription": "t1_mprage_fs_sag_1mm_iso",
    "ProtocolName": "t1_mprage_fs_sag_1mm_iso",
    "ScanningSequence": "GR",
    "SequenceVariant": "SK",
    "ScanOptions": "CG\\RG\\PER",
    "SequenceName": "*tfl3d1_16ns",
    "ImageType": [
        "ORIGINAL",
        "PRIMARY",
        "M",
        "NORM",
        "DIS2D",
        "MFSPLIT"
    ],
    "ImageTypeText": [
        "ORIGINAL",
        "PRIMARY",
        "M",
        "NONE"
    ],
    "NonlinearGradientCorrection": true,
    "SeriesNumber": 16001,
    "AcquisitionTime": "12:04:50.630000",
    "AcquisitionNumber": 1,
    "SliceThickness": 1,
    "SAR": 0.0821209,
    "EchoTime": 0.00221,
    "RepetitionTime": 2.3,
    "InversionTime": 0.9,
    "FlipAngle": 8,
    "PartialFourier": 1,
    "BaseResolution": 256,
    "ShimSetting": [
        -3940,
        -5489,
        -9297,
        -132,
        -300,
        8,
        27,
        -22
    ],
    "TxRefAmp": 387.949,
    "PhaseResolution": 0.9,
    "ReceiveCoilName": "HeadNeck_20_TCS",
    "ReceiveCoilActiveElements": "HE1-4",
    "CoilString": "HeadNeck_20_TCS",
    "PulseSequenceDetails": "%SiemensSeq%\\tfl",
    "RefLinesPE": 24,
    "CoilCombinationMethod": "Adaptive Combine",
    "MatrixCoilMode": "GRAPPA",
    "PercentPhaseFOV": 100,
    "PercentSampling": 90,
    "PhaseEncodingSteps": 230,
    "AcquisitionMatrixPE": 230,
    "ReconMatrixPE": 256,
    "ParallelReductionFactorInPlane": 2,
    "PixelBandwidth": 199,
    "DwellTime": 9.8e-06,
    "ImageOrientationPatientDICOM": [
        -0.163091,
        0.89508,
        0.415011,
        -0.0742693,
        0.408311,
        -0.909816
    ],
    "InPlanePhaseEncodingDirectionDICOM": "ROW",
    "ConversionSoftware": "dcm2niix",
    "ConversionSoftwareVersion": "v1.0.20230411",
    "Dcm2bidsVersion": "3.0.1"
}