{
    "Modality": "MR",
    "MagneticFieldStrength": 3,
    "ImagingFrequency": 123.263981,
    "Manufacturer": "Siemens",
    "ManufacturersModelName": "MAGNETOM Vida",
    "InstitutionName": "anonymized",
    "DeviceSerialNumber": "anonymized",
    "StationName": "anonymized",
    "BodyPartExamined": "HEAD",
    "PatientPosition": "HFS",
    "SoftwareVersions": "syngo MR XA20",
    "MRAcquisitionType": "2D",
    "SeriesDescription": "t1_fl2d_sag_4mm",
    "ProtocolName": "t1_fl2d_sag_4mm",
    "ScanningSequence": "GR",
    "SequenceVariant": "SK",
    "ScanOptions": "CG\\RG\\PER",
    "SequenceName": "*fl2d1",
    "ImageType": [
        "ORIGINAL",
        "PRIMARY",
        "M",
        "NORM",
        "DIS2D",
        "MFSPLIT"
    ],
    "ImageTypeText": [
        "ORIGINAL",
        "PRIMARY",
        "M",
        "NONE"
    ],
    "NonlinearGradientCorrection": true,
    "SeriesNumber": 9001,
    "AcquisitionTime": "17:38:9.940000",
    "AcquisitionNumber": 1,
    "SliceThickness": 4,
    "SpacingBetweenSlices": 4.4,
    "SAR": 0.565956,
    "EchoTime": 0.00261,
    "RepetitionTime": 0.254,
    "FlipAngle": 70,
    "PartialFourier": 1,
    "BaseResolution": 448,
    "ShimSetting": [
        -7868,
        -8909,
        8088,
        -17,
        -24,
        117,
        64,
        -160
    ],
    "TxRefAmp": 447.955,
    "PhaseResolution": 0.8,
    "PhaseOversampling": 0.4,
    "ReceiveCoilName": "HeadNeck_20_TCS",
    "ReceiveCoilActiveElements": "HE1-4",
    "CoilString": "HeadNeck_20_TCS",
    "PulseSequenceDetails": "%SiemensSeq%\\gre",
    "CoilCombinationMethod": "Adaptive Combine",
    "MatrixCoilMode": "SENSE",
    "PercentPhaseFOV": 100,
    "PercentSampling": 80,
    "PhaseEncodingSteps": 358,
    "AcquisitionMatrixPE": 358,
    "ReconMatrixPE": 448,
    "PixelBandwidth": 372,
    "DwellTime": 3e-06,
    "PhaseEncodingDirection": "i",
    "SliceTiming": [
        0,
        0.13,
        0.0075,
        0.1375,
        0.015,
        0.145,
        0.0225,
        0.1525,
        0.0275,
        0.16,
        0.035,
        0.1675,
        0.0425,
        0.1725,
        0.05,
        0.18,
        0.0575,
        0.1875,
        0.065,
        0.195,
        0.0725,
        0.2025,
        0.08,
        0.21,
        0.0875,
        0.2175,
        0.095,
        0.225,
        0.1,
        0.2325,
        0.1075,
        0.24,
        0.115,
        0.245,
        0.1225
    ],
    "ImageOrientationPatientDICOM": [
        -0.0494199,
        0.988895,
        -0.140159,
        -0.0130295,
        -0.140957,
        -0.98993
    ],
    "InPlanePhaseEncodingDirectionDICOM": "ROW",
    "ConversionSoftware": "dcm2niix",
    "ConversionSoftwareVersion": "v1.0.20230411",
    "Dcm2bidsVersion": "3.0.1"
}