{
    "Modality": "MR",
    "MagneticFieldStrength": 3,
    "ImagingFrequency": 123.249967,
    "Manufacturer": "Siemens",
    "ManufacturersModelName": "MAGNETOM Vida",
    "InstitutionName": "anonymized",
    "DeviceSerialNumber": "anonymized",
    "StationName": "anonymized",
    "BodyPartExamined": "HEAD",
    "PatientPosition": "HFS",
    "SoftwareVersions": "syngo MR XA20",
    "MRAcquisitionType": "2D",
    "SeriesDescription": "t2_tse_tra_4mm",
    "ProtocolName": "t2_tse_tra_4mm",
    "ScanningSequence": "SE",
    "SequenceVariant": "SP\\SK",
    "ScanOptions": "CG\\RG\\PER",
    "SequenceName": "*tse2d1_12",
    "ImageType": [
        "ORIGINAL",
        "PRIMARY",
        "M",
        "NORM",
        "DIS2D",
        "MFSPLIT"
    ],
    "ImageTypeText": [
        "ORIGINAL",
        "PRIMARY",
        "M",
        "NONE"
    ],
    "NonlinearGradientCorrection": true,
    "SeriesNumber": 8001,
    "AcquisitionTime": "09:43:33.690000",
    "AcquisitionNumber": 1,
    "SliceThickness": 4,
    "SpacingBetweenSlices": 4.4,
    "SAR": 0.721018,
    "EchoTime": 0.077,
    "RepetitionTime": 4.54,
    "FlipAngle": 160,
    "PartialFourier": 1,
    "BaseResolution": 512,
    "ShimSetting": [
        -3968,
        -5401,
        -9340,
        36,
        -215,
        -104,
        50,
        72
    ],
    "TxRefAmp": 420.535,
    "PhaseResolution": 0.7,
    "ReceiveCoilName": "HeadNeck_20_TCS",
    "ReceiveCoilActiveElements": "HE1-4;NE1,2",
    "CoilString": "HeadNeck_20_TCS",
    "PulseSequenceDetails": "%SiemensSeq%\\tse",
    "CoilCombinationMethod": "Adaptive Combine",
    "MatrixCoilMode": "SENSE",
    "PercentPhaseFOV": 81.25,
    "PercentSampling": 70,
    "EchoTrainLength": 12,
    "PhaseEncodingSteps": 291,
    "AcquisitionMatrixPE": 291,
    "ReconMatrixPE": 416,
    "PixelBandwidth": 250,
    "DwellTime": 3.9e-06,
    "PhaseEncodingDirection": "i",
    "SliceTiming": [
        2.27,
        0,
        2.4125,
        0.1425,
        2.5525,
        0.285,
        2.695,
        0.425,
        2.8375,
        0.5675,
        2.98,
        0.71,
        3.12,
        0.8525,
        3.2625,
        0.9925,
        3.405,
        1.135,
        3.5475,
        1.2775,
        3.6875,
        1.4175,
        3.83,
        1.56,
        3.9725,
        1.7025,
        4.115,
        1.845,
        4.255,
        1.985,
        4.3975,
        2.1275
    ],
    "ImageOrientationPatientDICOM": [
        0.997495,
        0.0563281,
        -0.0427934,
        -0.0477386,
        0.982435,
        0.180395
    ],
    "InPlanePhaseEncodingDirectionDICOM": "ROW",
    "ConversionSoftware": "dcm2niix",
    "ConversionSoftwareVersion": "v1.0.20230411",
    "Dcm2bidsVersion": "3.0.1"
}