{
    "Modality": "MR",
    "MagneticFieldStrength": 3,
    "ImagingFrequency": 123.249976,
    "Manufacturer": "Siemens",
    "ManufacturersModelName": "MAGNETOM Vida",
    "InstitutionName": "anonymized",
    "DeviceSerialNumber": "anonymized",
    "StationName": "anonymized",
    "BodyPartExamined": "HEAD",
    "PatientPosition": "HFS",
    "SoftwareVersions": "syngo MR XA20",
    "MRAcquisitionType": "2D",
    "SeriesDescription": "t1_fl2d_sag_4mm",
    "ProtocolName": "t1_fl2d_sag_4mm",
    "ScanningSequence": "GR",
    "SequenceVariant": "SK",
    "ScanOptions": "CG\\RG\\PER",
    "SequenceName": "*fl2d1",
    "ImageType": [
        "ORIGINAL",
        "PRIMARY",
        "M",
        "NORM",
        "DIS2D",
        "MFSPLIT"
    ],
    "ImageTypeText": [
        "ORIGINAL",
        "PRIMARY",
        "M",
        "NONE"
    ],
    "NonlinearGradientCorrection": true,
    "SeriesNumber": 9001,
    "AcquisitionTime": "09:46:24.945000",
    "AcquisitionNumber": 1,
    "SliceThickness": 4,
    "SpacingBetweenSlices": 4.4,
    "SAR": 0.721018,
    "EchoTime": 0.00261,
    "RepetitionTime": 0.285,
    "FlipAngle": 70,
    "PartialFourier": 1,
    "BaseResolution": 448,
    "ShimSetting": [
        -3968,
        -5401,
        -9340,
        36,
        -215,
        -104,
        50,
        72
    ],
    "TxRefAmp": 420.535,
    "PhaseResolution": 0.8,
    "PhaseOversampling": 0.4,
    "ReceiveCoilName": "HeadNeck_20_TCS",
    "ReceiveCoilActiveElements": "HE1-4",
    "CoilString": "HeadNeck_20_TCS",
    "PulseSequenceDetails": "%SiemensSeq%\\gre",
    "CoilCombinationMethod": "Adaptive Combine",
    "MatrixCoilMode": "SENSE",
    "PercentPhaseFOV": 100,
    "PercentSampling": 80,
    "PhaseEncodingSteps": 358,
    "AcquisitionMatrixPE": 358,
    "ReconMatrixPE": 448,
    "PixelBandwidth": 372,
    "DwellTime": 3e-06,
    "PhaseEncodingDirection": "i",
    "SliceTiming": [
        0,
        0.1475,
        0.0075,
        0.155,
        0.0175,
        0.1625,
        0.025,
        0.1725,
        0.0325,
        0.18,
        0.04,
        0.1875,
        0.05,
        0.195,
        0.0575,
        0.205,
        0.065,
        0.2125,
        0.0725,
        0.22,
        0.0825,
        0.2275,
        0.09,
        0.2375,
        0.0975,
        0.245,
        0.105,
        0.2525,
        0.115,
        0.26,
        0.1225,
        0.27,
        0.13,
        0.2775,
        0.1375
    ],
    "ImageOrientationPatientDICOM": [
        -0.0318747,
        0.999492,
        -4.18642e-08,
        -0.00666328,
        -0.00021254,
        -0.999978
    ],
    "InPlanePhaseEncodingDirectionDICOM": "ROW",
    "ConversionSoftware": "dcm2niix",
    "ConversionSoftwareVersion": "v1.0.20230411",
    "Dcm2bidsVersion": "3.0.1"
}