{
    "Modality": "MR",
    "MagneticFieldStrength": 3,
    "ImagingFrequency": 123.249857,
    "Manufacturer": "Siemens",
    "ManufacturersModelName": "MAGNETOM Vida",
    "InstitutionName": "anonymized",
    "DeviceSerialNumber": "anonymized",
    "StationName": "anonymized",
    "BodyPartExamined": "HEAD",
    "PatientPosition": "HFS",
    "SoftwareVersions": "syngo MR XA20",
    "MRAcquisitionType": "2D",
    "SeriesDescription": "t2_tse_tra_4mm",
    "ProtocolName": "t2_tse_tra_4mm",
    "ScanningSequence": "SE",
    "SequenceVariant": "SP\\SK",
    "ScanOptions": "PER",
    "SequenceName": "*tse2d1_12",
    "ImageType": [
        "ORIGINAL",
        "PRIMARY",
        "M",
        "NORM",
        "DIS2D",
        "MFSPLIT"
    ],
    "ImageTypeText": [
        "ORIGINAL",
        "PRIMARY",
        "M",
        "NONE"
    ],
    "NonlinearGradientCorrection": true,
    "SeriesNumber": 11001,
    "AcquisitionTime": "16:54:56.535000",
    "AcquisitionNumber": 1,
    "SliceThickness": 4,
    "SpacingBetweenSlices": 4.4,
    "SAR": 0.37435,
    "EchoTime": 0.077,
    "RepetitionTime": 4.54,
    "FlipAngle": 160,
    "PartialFourier": 1,
    "BaseResolution": 512,
    "ShimSetting": [
        -3968,
        -5396,
        -9385,
        36,
        -217,
        -84,
        40,
        64
    ],
    "TxRefAmp": 456.673,
    "PhaseResolution": 0.7,
    "ReceiveCoilName": "HeadNeck_20_TCS",
    "ReceiveCoilActiveElements": "HE1-4;NE1,2",
    "CoilString": "HeadNeck_20_TCS",
    "PulseSequenceDetails": "%SiemensSeq%\\tse",
    "CoilCombinationMethod": "Adaptive Combine",
    "MatrixCoilMode": "SENSE",
    "PercentPhaseFOV": 81.25,
    "PercentSampling": 70,
    "EchoTrainLength": 12,
    "PhaseEncodingSteps": 291,
    "AcquisitionMatrixPE": 291,
    "ReconMatrixPE": 416,
    "PixelBandwidth": 250,
    "DwellTime": 3.9e-06,
    "PhaseEncodingDirection": "i",
    "SliceTiming": [
        2.27,
        0,
        2.41,
        0.14,
        2.5525,
        0.2825,
        2.695,
        0.425,
        2.8375,
        0.5675,
        2.9775,
        0.7075,
        3.12,
        0.85,
        3.2625,
        0.9925,
        3.405,
        1.135,
        3.545,
        1.275,
        3.6875,
        1.4175,
        3.83,
        1.56,
        3.9725,
        1.7025,
        4.1125,
        1.8425,
        4.255,
        1.985,
        4.3975,
        2.1275
    ],
    "ImageOrientationPatientDICOM": [
        0.997342,
        0.0702523,
        -0.0193272,
        -0.0664182,
        0.985634,
        0.15529
    ],
    "InPlanePhaseEncodingDirectionDICOM": "ROW",
    "ConversionSoftware": "dcm2niix",
    "ConversionSoftwareVersion": "v1.0.20230411",
    "Dcm2bidsVersion": "3.0.1"
}