{
    "Modality": "MR",
    "MagneticFieldStrength": 1.5,
    "ImagingFrequency": 63.678079,
    "Manufacturer": "Siemens",
    "ManufacturersModelName": "Amira",
    "InstitutionName": "anonymized",
    "DeviceSerialNumber": "anonymized",
    "StationName": "anonymized",
    "BodyPartExamined": "HEAD",
    "PatientPosition": "HFS",
    "SoftwareVersions": "syngo MR E11",
    "MRAcquisitionType": "3D",
    "SeriesDescription": "t1_mprage_sag_KM",
    "ProtocolName": "t1_mprage_sag_KM",
    "ScanningSequence": "GR\\IR",
    "SequenceVariant": "SK\\SP\\MP",
    "ScanOptions": "IR",
    "SequenceName": "*tfl3d1_16ns",
    "ImageType": [
        "ORIGINAL",
        "PRIMARY",
        "M",
        "NORM",
        "DIS2D"
    ],
    "NonlinearGradientCorrection": true,
    "SeriesNumber": 12,
    "AcquisitionTime": "11:56:6.885000",
    "AcquisitionNumber": 1,
    "SliceThickness": 1,
    "SAR": 0.0154885,
    "EchoTime": 0.00258,
    "RepetitionTime": 1.7,
    "SpoilingState": true,
    "InversionTime": 0.9,
    "FlipAngle": 8,
    "PartialFourier": 1,
    "BaseResolution": 256,
    "ShimSetting": [
        14559,
        -4826,
        -5209,
        0,
        0,
        0,
        0,
        0
    ],
    "TxRefAmp": 270.346,
    "PhaseResolution": 1,
    "ReceiveCoilName": "HeadNeck_16",
    "ReceiveCoilActiveElements": "HE1-4;NE1,2",
    "PulseSequenceDetails": "%SiemensSeq%\\tfl",
    "RefLinesPE": 32,
    "CoilCombinationMethod": "Adaptive Combine",
    "ConsistencyInfo": "000",
    "MatrixCoilMode": "GRAPPA",
    "PercentPhaseFOV": 96.875,
    "PercentSampling": 100,
    "PhaseEncodingSteps": 247,
    "AcquisitionMatrixPE": 248,
    "ReconMatrixPE": 248,
    "ParallelReductionFactorInPlane": 2,
    "PixelBandwidth": 170,
    "DwellTime": 1.15e-05,
    "ImageOrientationPatientDICOM": [
        0.0976691,
        0.95075,
        0.294168,
        -0.0223567,
        0.297602,
        -0.954428
    ],
    "ImageOrientationText": "Sag>Cor(5.0)>Tra(2.9)",
    "InPlanePhaseEncodingDirectionDICOM": "ROW",
    "ConversionSoftware": "dcm2niix",
    "ConversionSoftwareVersion": "v1.0.20230411",
    "Dcm2bidsVersion": "3.0.1"
}