{
    "Modality": "MR",
    "MagneticFieldStrength": 1.5,
    "ImagingFrequency": 63.678086,
    "Manufacturer": "Siemens",
    "ManufacturersModelName": "Amira",
    "InstitutionName": "anonymized",
    "DeviceSerialNumber": "anonymized",
    "StationName": "anonymized",
    "BodyPartExamined": "HEAD",
    "PatientPosition": "HFS",
    "SoftwareVersions": "syngo MR E11",
    "MRAcquisitionType": "2D",
    "SeriesDescription": "t2_flair_fs_tra",
    "ProtocolName": "t2_flair_fs_tra",
    "ScanningSequence": "SE\\IR",
    "SequenceVariant": "SK\\SP\\MP\\OSP",
    "ScanOptions": "IR\\FS",
    "SequenceName": "*tir2d1rr16",
    "ImageType": [
        "ORIGINAL",
        "PRIMARY",
        "M",
        "NORM",
        "DIS2D",
        "FM",
        "FIL"
    ],
    "NonlinearGradientCorrection": true,
    "SeriesNumber": 5,
    "AcquisitionTime": "11:39:28.920000",
    "AcquisitionNumber": 1,
    "SliceThickness": 5,
    "SpacingBetweenSlices": 5.5,
    "SAR": 0.168886,
    "EchoTime": 0.083,
    "RepetitionTime": 8.5,
    "SpoilingState": true,
    "InversionTime": 2.5,
    "FlipAngle": 180,
    "PartialFourier": 1,
    "Interpolation2D": 1,
    "BaseResolution": 256,
    "ShimSetting": [
        14499,
        -4838,
        -4982,
        0,
        0,
        0,
        0,
        0
    ],
    "TxRefAmp": 270.346,
    "PhaseResolution": 1,
    "ReceiveCoilName": "HeadNeck_16",
    "ReceiveCoilActiveElements": "HE1-4",
    "PulseSequenceDetails": "%SiemensSeq%\\tse",
    "CoilCombinationMethod": "Adaptive Combine",
    "ConsistencyInfo": "000",
    "MatrixCoilMode": "SENSE",
    "PercentPhaseFOV": 84.375,
    "PercentSampling": 100,
    "EchoTrainLength": 16,
    "PhaseEncodingSteps": 224,
    "AcquisitionMatrixPE": 216,
    "ReconMatrixPE": 432,
    "PixelBandwidth": 150,
    "DwellTime": 1.3e-05,
    "PhaseEncodingDirection": "i",
    "SliceTiming": [
        0,
        87.5,
        0.24219,
        87.7422,
        0.49219,
        87.9922,
        0.73438,
        88.2344,
        0.98438,
        88.4844,
        1.22656,
        88.7266,
        1.46875,
        88.9688,
        1.71875,
        89.2188,
        1.96094,
        89.4609,
        2.20312,
        89.7031,
        2.45312,
        89.9531,
        2.69531,
        90.1953,
        2.94531,
        90.4453,
        3.1875,
        90.6875
    ],
    "ImageOrientationPatientDICOM": [
        0.995098,
        -0.0851858,
        -0.0502356,
        0.0881099,
        0.994351,
        0.0591888
    ],
    "ImageOrientationText": "Tra>Cor(3.6)>Sag(-2.6)",
    "InPlanePhaseEncodingDirectionDICOM": "ROW",
    "ConversionSoftware": "dcm2niix",
    "ConversionSoftwareVersion": "v1.0.20230411",
    "Dcm2bidsVersion": "3.0.1"
}