{
    "Modality": "MR",
    "MagneticFieldStrength": 1.5,
    "ImagingFrequency": 63.678076,
    "Manufacturer": "Siemens",
    "ManufacturersModelName": "Amira",
    "InstitutionName": "anonymized",
    "DeviceSerialNumber": "anonymized",
    "StationName": "anonymized",
    "BodyPartExamined": "HEAD",
    "PatientPosition": "HFS",
    "SoftwareVersions": "syngo MR E11",
    "MRAcquisitionType": "2D",
    "SeriesDescription": "t2_tse_tra",
    "ProtocolName": "t2_tse_tra",
    "ScanningSequence": "SE",
    "SequenceVariant": "SK\\SP\\OSP",
    "SequenceName": "*qtse2d1rs17",
    "ImageType": [
        "ORIGINAL",
        "PRIMARY",
        "M",
        "NORM",
        "DIS2D"
    ],
    "NonlinearGradientCorrection": true,
    "SeriesNumber": 9,
    "AcquisitionTime": "11:48:37.545000",
    "AcquisitionNumber": 1,
    "SliceThickness": 5,
    "SpacingBetweenSlices": 5.5,
    "SAR": 0.268462,
    "EchoTime": 0.115,
    "RepetitionTime": 4,
    "SpoilingState": true,
    "FlipAngle": 160,
    "PartialFourier": 1,
    "BaseResolution": 320,
    "ShimSetting": [
        14559,
        -4826,
        -5209,
        0,
        0,
        0,
        0,
        0
    ],
    "TxRefAmp": 270.346,
    "PhaseResolution": 1,
    "ReceiveCoilName": "HeadNeck_16",
    "ReceiveCoilActiveElements": "HE1-4",
    "PulseSequenceDetails": "%SiemensSeq%\\tse",
    "CoilCombinationMethod": "Adaptive Combine",
    "ConsistencyInfo": "000",
    "MatrixCoilMode": "SENSE",
    "PercentPhaseFOV": 84.375,
    "PercentSampling": 100,
    "EchoTrainLength": 17,
    "PhaseEncodingSteps": 272,
    "AcquisitionMatrixPE": 270,
    "ReconMatrixPE": 270,
    "PixelBandwidth": 200,
    "DwellTime": 7.8e-06,
    "PhaseEncodingDirection": "i",
    "SliceTiming": [
        68,
        0,
        68.2891,
        0.28906,
        68.5703,
        0.57031,
        68.8594,
        0.85938,
        69.1406,
        1.14062,
        69.4297,
        1.42969,
        69.7109,
        1.71094,
        70,
        2,
        70.2891,
        2.28906,
        70.5703,
        2.57031,
        70.8594,
        2.85938,
        71.1406,
        3.14062,
        71.4297,
        3.42969,
        71.7109,
        3.71094
    ],
    "ImageOrientationPatientDICOM": [
        0.995098,
        -0.0851858,
        -0.0502356,
        0.0881099,
        0.994351,
        0.0591888
    ],
    "ImageOrientationText": "Tra>Cor(3.6)>Sag(-2.6)",
    "InPlanePhaseEncodingDirectionDICOM": "ROW",
    "ConversionSoftware": "dcm2niix",
    "ConversionSoftwareVersion": "v1.0.20230411",
    "Dcm2bidsVersion": "3.0.1"
}