{
    "Modality": "MR",
    "MagneticFieldStrength": 1.5,
    "ImagingFrequency": 63.678086,
    "Manufacturer": "Siemens",
    "ManufacturersModelName": "Amira",
    "InstitutionName": "anonymized",
    "DeviceSerialNumber": "anonymized",
    "StationName": "anonymized",
    "BodyPartExamined": "HEAD",
    "PatientPosition": "HFS",
    "SoftwareVersions": "syngo MR E11",
    "MRAcquisitionType": "2D",
    "SeriesDescription": "t1_se_tra_blood-suppr.",
    "ProtocolName": "t1_se_tra_blood-suppr.",
    "ScanningSequence": "SE",
    "SequenceVariant": "SP",
    "SequenceName": "*se2d1",
    "ImageType": [
        "ORIGINAL",
        "PRIMARY",
        "M",
        "NORM",
        "DIS2D",
        "SH",
        "FIL"
    ],
    "NonlinearGradientCorrection": true,
    "SeriesNumber": 8,
    "AcquisitionTime": "11:45:3.777500",
    "AcquisitionNumber": 1,
    "SliceThickness": 5,
    "SpacingBetweenSlices": 5.5,
    "SAR": 0.333377,
    "EchoTime": 0.015,
    "RepetitionTime": 0.6,
    "FlipAngle": 70,
    "PartialFourier": 1,
    "BaseResolution": 256,
    "ShimSetting": [
        14499,
        -4838,
        -4982,
        0,
        0,
        0,
        0,
        0
    ],
    "TxRefAmp": 270.346,
    "PhaseResolution": 1,
    "ReceiveCoilName": "HeadNeck_16",
    "ReceiveCoilActiveElements": "HE1-4",
    "PulseSequenceDetails": "%SiemensSeq%\\se",
    "CoilCombinationMethod": "Adaptive Combine",
    "ConsistencyInfo": "000",
    "MatrixCoilMode": "SENSE",
    "PercentPhaseFOV": 84.375,
    "PercentSampling": 100,
    "PhaseEncodingSteps": 216,
    "AcquisitionMatrixPE": 216,
    "ReconMatrixPE": 216,
    "PixelBandwidth": 175,
    "DwellTime": 1.12e-05,
    "PhaseEncodingDirection": "i",
    "SliceTiming": [
        0.30469,
        0,
        0.32031,
        0.02344,
        0.34375,
        0.04688,
        0.36719,
        0.0625,
        0.38281,
        0.08594,
        0.40625,
        0.10938,
        0.42969,
        0.125,
        0.45312,
        0.14844,
        0.46875,
        0.17188,
        0.49219,
        0.19531,
        0.51562,
        0.21875,
        0.53906,
        0.23438,
        0.55469,
        0.25781,
        0.57812,
        0.28125
    ],
    "ImageOrientationPatientDICOM": [
        0.995098,
        -0.0851858,
        -0.0502356,
        0.0881099,
        0.994351,
        0.0591888
    ],
    "ImageOrientationText": "Tra>Cor(3.6)>Sag(-2.6)",
    "InPlanePhaseEncodingDirectionDICOM": "ROW",
    "ConversionSoftware": "dcm2niix",
    "ConversionSoftwareVersion": "v1.0.20230411",
    "Dcm2bidsVersion": "3.0.1"
}